GEM
  remote: http://rubygems.org/
  specs:
    activesupport (3.0.1)
    chunky_png (1.2.0)
    compass (0.11.3)
      chunky_png (~> 1.2)
      fssm (>= 0.2.7)
      sass (~> 3.1)
    fssm (0.2.7)
    grid-coordinates (1.1.3)
      compass (>= 0.10.5)
    haml (3.1.2)
    i18n (0.4.2)
    maruku (0.6.0)
      syntax (>= 1.0.0)
    meyer-reset (2.0.0)
      compass (>= 0.10.5)
    rack (1.2.1)
    sass (3.1.3)
    serve (1.0.0)
      activesupport (~> 3.0.1)
      i18n (~> 0.4.1)
      rack (~> 1.2.1)
      tzinfo (~> 0.3.23)
    syntax (1.0.0)
    tzinfo (0.3.23)

PLATFORMS
  ruby

DEPENDENCIES
  compass
  grid-coordinates (>= 1.1.3)
  haml (>= 3.1)
  maruku (>= 0.6.0)
  meyer-reset (>= 2.0.0)
  sass (>= 3.1)
  serve (>= 1.0.0)
